PATH
  remote: .
  specs:
    bento_qemu (0.1.0)
      mixlib-shellout (~> 1.4)
      thor (~> 0.18)

GEM
  remote: https://rubygems.org/
  specs:
    ast (2.0.0)
    json (1.8.1)
    mixlib-shellout (1.4.0)
    parser (2.1.9)
      ast (>= 1.1, < 3.0)
      slop (~> 3.4, >= 3.4.5)
    powerpack (0.0.9)
    rainbow (2.0.0)
    rubocop (0.23.0)
      json (>= 1.7.7, < 2)
      parser (~> 2.1.9)
      powerpack (~> 0.0.6)
      rainbow (>= 1.99.1, < 3.0)
      ruby-progressbar (~> 1.4)
    ruby-progressbar (1.5.1)
    rubygems-tasks (0.2.4)
    slop (3.5.0)
    thor (0.19.1)

PLATFORMS
  ruby

DEPENDENCIES
  bento_qemu!
  rubocop
  rubygems-tasks (~> 0.2)
